GEM
  remote: https://rubygems.org/
  specs:
    addressable (2.8.4)
      public_suffix (>= 2.0.2, < 6.0)
    cgi (0.3.6)
    charlock_holmes (0.7.7)
    commonmarker (0.23.9)
    faraday (2.7.10)
      faraday-net_http (>= 2.0, < 3.1)
      ruby2_keywords (>= 0.0.4)
    faraday-net_http (3.0.2)
    faraday-retry (2.2.0)
      faraday (~> 2.0)
    github-linguist (7.26.0)
      cgi
      charlock_holmes (~> 0.7.7)
      mini_mime (~> 1.0)
      rugged (~> 1.0)
    mini_mime (1.1.2)
    octokit (6.1.1)
      faraday (>= 1, < 3)
      sawyer (~> 0.9)
    openjournals-nameable (1.1.7)
    public_suffix (5.0.3)
    ruby2_keywords (0.0.5)
    rugged (1.6.3)
    sawyer (0.9.2)
      addressable (>= 2.3.5)
      faraday (>= 0.17.3, < 3)
    theoj (1.5.4)
      commonmarker (~> 0.23)
      faraday (~> 2.7)
      faraday-retry (~> 2.1)
      github-linguist (~> 7.25)
      octokit (~> 6.1)
      openjournals-nameable (~> 1.1)
      rugged (~> 1.6)

PLATFORMS
  x86_64-darwin-22

DEPENDENCIES
  theoj

BUNDLED WITH
   2.4.16
