GEM
  remote: https://rubygems.org/
  specs:
    addressable (2.8.6)
      public_suffix (>= 2.0.2, < 6.0)
    cgi (0.4.1)
    charlock_holmes (0.7.7)
    commonmarker (0.23.10)
    faraday (2.9.0)
      faraday-net_http (>= 2.0, < 3.2)
    faraday-net_http (3.1.0)
      net-http
    faraday-retry (2.2.0)
      faraday (~> 2.0)
    github-linguist (7.28.0)
      cgi
      charlock_holmes (~> 0.7.7)
      mini_mime (~> 1.0)
      rugged (~> 1.0)
    mini_mime (1.1.5)
    mini_portile2 (2.8.5)
    net-http (0.4.1)
      uri
    nokogiri (1.16.0)
      mini_portile2 (~> 2.8.2)
      racc (~> 1.4)
    octokit (8.0.0)
      faraday (>= 1, < 3)
      sawyer (~> 0.9)
    ojxv (1.1.0)
      nokogiri (~> 1.16.0)
    openjournals-nameable (1.1.7)
    public_suffix (5.0.4)
    racc (1.7.3)
    rugged (1.7.1)
    sawyer (0.9.2)
      addressable (>= 2.3.5)
      faraday (>= 0.17.3, < 3)
    theoj (1.9.1)
      commonmarker (~> 0.23)
      faraday (~> 2.9)
      faraday-retry (~> 2.2)
      github-linguist (~> 7.28)
      octokit (~> 8.0)
      openjournals-nameable (~> 1.1)
      rugged (~> 1.7)
    uri (0.13.0)

PLATFORMS
  ruby

DEPENDENCIES
  octokit
  ojxv
  theoj

BUNDLED WITH
   2.5.5
