GEM
  remote: https://rubygems.org/
  specs:
    addressable (2.8.5)
      public_suffix (>= 2.0.2, < 6.0)
    cgi (0.3.6)
    charlock_holmes (0.7.7)
    commonmarker (0.23.10)
    faraday (2.7.10)
      faraday-net_http (>= 2.0, < 3.1)
      ruby2_keywords (>= 0.0.4)
    faraday-net_http (3.0.2)
    faraday-retry (2.2.0)
      faraday (~> 2.0)
    github-linguist (7.26.0)
      cgi
      charlock_holmes (~> 0.7.7)
      mini_mime (~> 1.0)
      rugged (~> 1.0)
    mini_mime (1.1.5)
    mini_portile2 (2.8.4)
    nokogiri (1.13.10)
      mini_portile2 (~> 2.8.0)
      racc (~> 1.4)
    octokit (7.0.0)
      faraday (>= 1, < 3)
      sawyer (~> 0.9)
    ojxv (1.0.1)
      nokogiri (~> 1.13.1)
    openjournals-nameable (1.1.7)
    public_suffix (5.0.3)
    racc (1.7.1)
    ruby2_keywords (0.0.5)
    rugged (1.6.3)
    sawyer (0.9.2)
      addressable (>= 2.3.5)
      faraday (>= 0.17.3, < 3)
    theoj (1.7.0)
      commonmarker (~> 0.23)
      faraday (~> 2.7)
      faraday-retry (~> 2.2)
      github-linguist (~> 7.26)
      octokit (~> 7.0)
      openjournals-nameable (~> 1.1)
      rugged (~> 1.6)

PLATFORMS
  ruby

DEPENDENCIES
  octokit
  ojxv
  theoj

BUNDLED WITH
   2.4.16
